GEM
  remote: http://rubygems.org/
  specs:
    json (1.5.3)
    mime-types (1.16)
    mustermann (2.0.2)
      ruby2_keywords (~> 0.0.1)
    rack (2.2.4)
    rack-protection (2.2.3)
      rack
    rest-client (1.6.7)
      mime-types (>= 1.16)
    restful_adhearsion (0.2.0)
      json (>= 1.1.3)
      rest-client (>= 0.8.2)
    ruby2_keywords (0.0.5)
    sinatra (2.2.3)
      mustermann (~> 2.0)
      rack (~> 2.2)
      rack-protection (= 2.2.3)
      tilt (~> 2.0)
    tilt (2.0.11)

PLATFORMS
  ruby

DEPENDENCIES
  restful_adhearsion (>= 0.2.0)
  sinatra
