GEM
  remote: http://rubygems.org/
  specs:
    json (2.3.1)
    mime-types (1.16)
    rack (1.3.2)
    rest-client (1.6.7)
      mime-types (>= 1.16)
    restful_adhearsion (0.2.0)
      json (>= 1.1.3)
      rest-client (>= 0.8.2)
    sinatra (1.2.6)
      rack (~> 1.1)
      tilt (>= 1.2.2, < 2.0)
    tilt (1.3.3)

PLATFORMS
  ruby

DEPENDENCIES
  restful_adhearsion (>= 0.2.0)
  sinatra
